{
    "TaskName": "daf",
    "Manufacturer": "BrainProducts",
    "PowerLineFrequency": 60.0,
    "SamplingFrequency": 10000.0,
    "SoftwareFilters": "n/a",
    "RecordingDuration": 906.5499,
    "RecordingType": "continuous",
    "EEGReference": "Cz",
    "EEGGround": "Fpz",
    "EEGPlacementScheme": "extended 10-20",
    "EEGChannelCount": 62,
    "EOGChannelCount": 2,
    "ECGChannelCount": 0,
    "EMGChannelCount": 0,
    "MiscChannelCount": 2,
    "TriggerChannelCount": 0
}